PATH
  remote: .
  specs:
    ruby-tmdb (0.3.0)
      addressable
      deepopenstruct (>= 0.1.2)
      json

GEM
  remote: http://rubygems.org/
  specs:
    addressable (2.2.8)
    crack (0.3.1)
    deepopenstruct (0.1.2)
    json (1.7.3)
    metaclass (0.0.1)
    mocha (0.11.4)
      metaclass (~> 0.0.1)
    webmock (1.8.7)
      addressable (>= 2.2.7)
      crack (>= 0.1.7)

PLATFORMS
  ruby

DEPENDENCIES
  mocha
  ruby-tmdb!
  webmock
